GIT
  remote: git://github.com/sferik/rails_admin.git
  revision: 07d734889c23d538ebae7a2776b2f3617d8d9a83
  specs:
    rails_admin (0.0.5)
      bbenezech-nested_form (~> 0.0.6)
      bootstrap-sass (~> 2.0, >= 2.0.3)
      builder (~> 3.0)
      coffee-rails (~> 3.1)
      haml (~> 3.1)
      jquery-rails (>= 1.0.17)
      jquery-ui-rails (>= 0.5, < 2)
      kaminari (~> 0.12)
      rack-pjax (~> 0.5)
      rails (~> 3.1)
      remotipart (~> 1.0)
      sass-rails (~> 3.1)

GEM
  remote: https://rubygems.org/
  specs:
    actionmailer (3.2.3)
      actionpack (= 3.2.3)
      mail (~> 2.4.4)
    actionpack (3.2.3)
      activemodel (= 3.2.3)
      activesupport (= 3.2.3)
      builder (~> 3.0.0)
      erubis (~> 2.7.0)
      journey (~> 1.0.1)
      rack (~> 1.4.0)
      rack-cache (~> 1.2)
      rack-test (~> 0.6.1)
      sprockets (~> 2.1.2)
    activemodel (3.2.3)
      activesupport (= 3.2.3)
      builder (~> 3.0.0)
    activerecord (3.2.3)
      activemodel (= 3.2.3)
      activesupport (= 3.2.3)
      arel (~> 3.0.2)
      tzinfo (~> 0.3.29)
    activeresource (3.2.3)
      activemodel (= 3.2.3)
      activesupport (= 3.2.3)
    activesupport (3.2.3)
      i18n (~> 0.6)
      multi_json (~> 1.0)
    addressable (2.2.4)
    arel (3.0.2)
    bbenezech-nested_form (0.0.6)
    bootstrap-sass (2.0.4.0)
    builder (3.0.0)
    capybara (1.1.2)
      mime-types (>= 1.16)
      nokogiri (>= 1.3.3)
      rack (>= 1.0.0)
      rack-test (>= 0.5.4)
      selenium-webdriver (~> 2.0)
      xpath (~> 0.1.4)
    childprocess (0.3.3)
      ffi (~> 1.0.6)
    coffee-rails (3.2.2)
      coffee-script (>= 2.2.0)
      railties (~> 3.2.0)
    coffee-script (2.2.0)
      coffee-script-source
      execjs
    coffee-script-source (1.3.3)
    cucumber (1.0.6)
      builder (>= 2.1.2)
      diff-lcs (>= 1.1.2)
      gherkin (~> 2.4.18)
      json (>= 1.4.6)
      term-ansicolor (>= 1.0.6)
    cucumber-rails (1.0.2)
      capybara (>= 1.0.0)
      cucumber (~> 1.0.0)
      nokogiri (>= 1.4.6)
    diff-lcs (1.1.3)
    erubis (2.7.0)
    execjs (1.4.0)
      multi_json (~> 1.0)
    faraday (0.6.1)
      addressable (~> 2.2.4)
      multipart-post (~> 1.1.0)
      rack (>= 1.1.0, < 2)
    ffi (1.0.11)
    gherkin (2.4.21)
      json (>= 1.4.6)
    haml (3.1.6)
    hike (1.2.1)
    hpricot (0.8.6)
    i18n (0.6.0)
    journey (1.0.4)
    jquery-rails (2.0.2)
      railties (>= 3.2.0, < 5.0)
      thor (~> 0.14)
    jquery-ui-rails (1.0.0)
      jquery-rails
      railties (>= 3.1.0)
    json (1.7.3)
    kaminari (0.13.0)
      actionpack (>= 3.0.0)
      activesupport (>= 3.0.0)
      railties (>= 3.0.0)
    libwebsocket (0.1.3)
      addressable
    mail (2.4.4)
      i18n (>= 0.4.0)
      mime-types (~> 1.16)
      treetop (~> 1.4.8)
    mime-types (1.19)
    multi_json (1.0.4)
    multi_xml (0.2.2)
    multipart-post (1.1.5)
    net-ldap (0.2.2)
    nokogiri (1.4.7)
    oa-basic (0.2.6)
      oa-core (= 0.2.6)
      rest-client (~> 1.6.0)
    oa-core (0.2.6)
    oa-enterprise (0.2.6)
      addressable (= 2.2.4)
      net-ldap (~> 0.2.2)
      nokogiri (~> 1.4.2)
      oa-core (= 0.2.6)
      pyu-ruby-sasl (~> 0.0.3.1)
      rubyntlm (~> 0.1.1)
    oa-more (0.2.6)
      multi_json (~> 1.0.0)
      oa-core (= 0.2.6)
      rest-client (~> 1.6.0)
    oa-oauth (0.2.6)
      faraday (~> 0.6.1)
      multi_json (~> 1.0.0)
      multi_xml (~> 0.2.2)
      oa-core (= 0.2.6)
      oauth (~> 0.4.0)
      oauth2 (~> 0.4.1)
    oa-openid (0.2.6)
      oa-core (= 0.2.6)
      rack-openid (~> 1.3.1)
      ruby-openid-apps-discovery (~> 1.2.0)
    oauth (0.4.6)
    oauth2 (0.4.1)
      faraday (~> 0.6.1)
      multi_json (>= 0.0.5)
    omniauth (0.2.6)
      oa-basic (= 0.2.6)
      oa-core (= 0.2.6)
      oa-enterprise (= 0.2.6)
      oa-more (= 0.2.6)
      oa-oauth (= 0.2.6)
      oa-openid (= 0.2.6)
    polyglot (0.3.3)
    pyu-ruby-sasl (0.0.3.3)
    rack (1.4.1)
    rack-cache (1.2)
      rack (>= 0.4)
    rack-openid (1.3.1)
      rack (>= 1.1.0)
      ruby-openid (>= 2.1.8)
    rack-pjax (0.5.9)
      hpricot (~> 0.8.6)
      rack (~> 1.3)
    rack-ssl (1.3.2)
      rack
    rack-test (0.6.1)
      rack (>= 1.0)
    rails (3.2.3)
      actionmailer (= 3.2.3)
      actionpack (= 3.2.3)
      activerecord (= 3.2.3)
      activeresource (= 3.2.3)
      activesupport (= 3.2.3)
      bundler (~> 1.0)
      railties (= 3.2.3)
    railties (3.2.3)
      actionpack (= 3.2.3)
      activesupport (= 3.2.3)
      rack-ssl (~> 1.3.2)
      rake (>= 0.8.7)
      rdoc (~> 3.4)
      thor (~> 0.14.6)
    rake (0.9.2.2)
    rdoc (3.12)
      json (~> 1.4)
    remotipart (1.0.2)
    rest-client (1.6.7)
      mime-types (>= 1.16)
    rspec (2.11.0)
      rspec-core (~> 2.11.0)
      rspec-expectations (~> 2.11.0)
      rspec-mocks (~> 2.11.0)
    rspec-core (2.11.0)
    rspec-expectations (2.11.1)
      diff-lcs (~> 1.1.3)
    rspec-mocks (2.11.0)
    rspec-rails (2.11.0)
      actionpack (>= 3.0)
      activesupport (>= 3.0)
      railties (>= 3.0)
      rspec (~> 2.11.0)
    ruby-openid (2.2.0)
    ruby-openid-apps-discovery (1.2.0)
      ruby-openid (>= 2.1.7)
    rubyntlm (0.1.1)
    rubyzip (0.9.9)
    sass (3.1.20)
    sass-rails (3.2.5)
      railties (~> 3.2.0)
      sass (>= 3.1.10)
      tilt (~> 1.3)
    selenium-webdriver (2.24.0)
      childprocess (>= 0.2.5)
      libwebsocket (~> 0.1.3)
      multi_json (~> 1.0)
      rubyzip
    sprockets (2.1.3)
      hike (~> 1.2)
      rack (~> 1.0)
      tilt (~> 1.1, != 1.3.0)
    sqlite3 (1.3.6)
    term-ansicolor (1.0.7)
    thor (0.14.6)
    tilt (1.3.3)
    treetop (1.4.10)
      polyglot
      polyglot (>= 0.3.1)
    tzinfo (0.3.33)
    uglifier (1.2.4)
      execjs (>= 0.3.0)
      multi_json (>= 1.0.2)
    xpath (0.1.4)
      nokogiri (~> 1.3)

PLATFORMS
  ruby

DEPENDENCIES
  capybara
  coffee-rails (~> 3.2.1)
  cucumber-rails
  jquery-rails
  omniauth (~> 0.2.0)
  rails (= 3.2.3)
  rails_admin!
  rspec-rails (>= 2.0.1)
  sass-rails (~> 3.2.3)
  sqlite3
  uglifier (>= 1.0.3)
